GIT
  remote: git://github.com/platanus/negroku.git
  revision: d8e1bbf1d26ad2d942c54f46382d070fed8a7391
  branch: v2
  specs:
    negroku (2.0.0.pre1)
      capistrano (= 3.2.1)
      capistrano-bower (= 1.0.0)
      capistrano-bundler (= 1.1.2)
      capistrano-grunt (= 0.0.4)
      capistrano-nc (= 0.1.3)
      capistrano-nodenv (= 1.0.0)
      capistrano-npm (= 1.0.0)
      capistrano-rails (= 1.1.1)
      capistrano-rbenv (= 2.0.2)
      capistrano3-nginx (= 2.0.2)
      capistrano3-unicorn (= 0.1.1)
      gli (= 2.9.0)
      highline (= 1.6.20)
      rainbow (= 2.0.0)

GEM
  remote: https://rubygems.org/
  specs:
    capistrano (3.2.1)
      i18n
      rake (>= 10.0.0)
      sshkit (~> 1.3)
    capistrano-bower (1.0.0)
      capistrano (~> 3.0)
    capistrano-bundler (1.1.2)
      capistrano (~> 3.0)
      sshkit (~> 1.2)
    capistrano-grunt (0.0.4)
      capistrano (>= 3.0.0.pre)
    capistrano-nc (0.1.3)
      capistrano (~> 3.0)
      terminal-notifier (~> 1.5.1)
    capistrano-nodenv (1.0.0)
      capistrano (~> 3.1)
      sshkit (~> 1.3)
    capistrano-npm (1.0.0)
      capistrano (>= 3.0.0.pre)
    capistrano-rails (1.1.1)
      capistrano (~> 3.1)
      capistrano-bundler (~> 1.1)
    capistrano-rbenv (2.0.2)
      capistrano (~> 3.1)
      sshkit (~> 1.3)
    capistrano3-nginx (2.0.2)
      capistrano (>= 3.0.0)
    capistrano3-unicorn (0.1.1)
      capistrano (>= 3.1.0)
    chunky_png (1.3.3)
    colorize (0.7.3)
    compass (1.0.3)
      chunky_png (~> 1.2)
      compass-core (~> 1.0.2)
      compass-import-once (~> 1.0.5)
      rb-fsevent (>= 0.9.3)
      rb-inotify (>= 0.9)
      sass (>= 3.3.13, < 3.5)
    compass-core (1.0.3)
      multi_json (~> 1.0)
      sass (>= 3.3.0, < 3.5)
    compass-import-once (1.0.5)
      sass (>= 3.2, < 3.5)
    ffi (1.9.6)
    gli (2.9.0)
    highline (1.6.20)
    i18n (0.6.11)
    multi_json (1.10.1)
    net-scp (1.2.1)
      net-ssh (>= 2.6.5)
    net-ssh (2.9.1)
    rainbow (2.0.0)
    rake (10.3.2)
    rb-fsevent (0.9.4)
    rb-inotify (0.9.5)
      ffi (>= 0.5.0)
    sass (3.4.11)
    sshkit (1.5.1)
      colorize
      net-scp (>= 1.1.2)
      net-ssh (>= 2.8.0)
    terminal-notifier (1.5.2)

PLATFORMS
  ruby

DEPENDENCIES
  compass
  negroku!
